GEM
  remote: http://rubygems.org/
  remote: http://gems.github.com/
  specs:
    aasm (2.2.0)
    actionmailer (2.3.5)
      actionpack (= 2.3.5)
    actionpack (2.3.5)
      activesupport (= 2.3.5)
      rack (~> 1.0.0)
    activerecord (2.3.5)
      activesupport (= 2.3.5)
    activeresource (2.3.5)
      activesupport (= 2.3.5)
    activesupport (2.3.5)
    acts_as_audited (1.1.1)
      activerecord (>= 2.1)
    acts_as_tree (0.1.1)
    authlogic (2.1.6)
      activesupport
    builder (3.0.0)
    capybara (0.4.1.2)
      celerity (>= 0.7.9)
      culerity (>= 0.2.4)
      mime-types (>= 1.16)
      nokogiri (>= 1.3.3)
      rack (>= 1.0.0)
      rack-test (>= 0.5.4)
      selenium-webdriver (>= 0.0.27)
      xpath (~> 0.1.3)
    celerity (0.8.8)
    cgi_multipart_eof_fix (2.5.0)
    childprocess (0.1.7)
      ffi (~> 0.6.3)
    color (1.4.1)
    columnize (0.3.2)
    crack (0.1.8)
    cucumber (0.10.0)
      builder (>= 2.1.2)
      diff-lcs (~> 1.1.2)
      gherkin (~> 2.3.2)
      json (~> 1.4.6)
      term-ansicolor (~> 1.0.5)
    cucumber-rails (0.3.2)
      cucumber (>= 0.8.0)
    culerity (0.2.15)
    daemons (1.1.0)
    database_cleaner (0.6.3)
    diff-lcs (1.1.2)
    email_spec (0.4.0)
    factory_girl (1.3.2)
    faker (0.9.5)
      i18n (~> 0.4)
    fastthread (1.0.7)
    ffi (0.6.3)
      rake (>= 0.8.7)
    gem_plugin (0.2.3)
    gemcutter (0.6.1)
    gherkin (2.3.3)
      json (~> 1.4.6)
    hirb (0.3.6)
    hoe (2.9.1)
      rake (>= 0.8.7)
    httparty (0.6.1)
      crack (= 0.1.8)
    humanizer (2.4.2)
    i18n (0.4.0)
    json (1.4.6)
    json_pure (1.5.1)
    linecache (0.43)
    machinist (1.0.6)
    mime-types (1.16)
    mocha (0.9.12)
    mongrel (1.1.5)
      cgi_multipart_eof_fix (>= 2.4)
      daemons (>= 1.0.3)
      fastthread (>= 1.0.1)
      gem_plugin (>= 0.2.3)
    mush (0.2.1)
      httparty (= 0.6.1)
      httparty (>= 0.6.1)
    mysql (2.8.1)
    nokogiri (1.4.4)
    paperclip (2.3.8)
      activerecord
      activesupport
    pdf-writer (1.1.8)
      color (>= 1.4.0)
      transaction-simple (~> 1.3)
    rack (1.0.1)
    rack-test (0.5.7)
      rack (>= 1.0)
    rails (2.3.5)
      actionmailer (= 2.3.5)
      actionpack (= 2.3.5)
      activerecord (= 2.3.5)
      activeresource (= 2.3.5)
      activesupport (= 2.3.5)
      rake (>= 0.8.3)
    rake (0.8.7)
    recaptcha (0.3.1)
    rspec (1.3.1)
    rspec-rails (1.3.3)
      rack (>= 1.0.0)
      rspec (= 1.3.1)
    ruby-debug (0.10.4)
      columnize (>= 0.1)
      ruby-debug-base (~> 0.10.4.0)
    ruby-debug-base (0.10.4)
      linecache (>= 0.3)
    ruby-recaptcha (1.0.2)
    rubyzip (0.9.4)
    selenium-webdriver (0.1.3)
      childprocess (~> 0.1.5)
      ffi (~> 0.6.3)
      json_pure
      rubyzip
    term-ansicolor (1.0.5)
    transaction-simple (1.4.0)
      hoe (>= 1.1.7)
    webrat (0.7.3)
      nokogiri (>= 1.2.0)
      rack (>= 1.0)
      rack-test (>= 0.5.3)
    will_paginate (2.3.15)
    wirble (0.1.3)
    xpath (0.1.3)
      nokogiri (~> 1.3)

PLATFORMS
  ruby

DEPENDENCIES
  aasm
  acts_as_audited
  acts_as_tree
  authlogic
  capybara
  color
  cucumber-rails (>= 0.3.0)
  database_cleaner (>= 0.5.0)
  email_spec (= 0.4.0)
  factory_girl (= 1.3.2)
  faker
  gemcutter
  hirb
  humanizer
  i18n (< 0.4.1)
  machinist
  mime-types
  mocha
  mongrel
  mush
  mysql
  paperclip (~> 2.3)
  pdf-writer
  rails (= 2.3.5)
  recaptcha
  rspec (< 2, >= 1.3.1)
  rspec-rails (< 2, >= 1.3.3)
  ruby-debug
  ruby-recaptcha
  transaction-simple
  webrat (>= 0.7.0)
  will_paginate
  wirble
